GEM
  remote: https://rubygems.org/
  specs:
    activesupport (4.2.0)
      i18n (~> 0.7)
      json (~> 1.7, >= 1.7.7)
      minitest (~> 5.1)
      thread_safe (~> 0.3, >= 0.3.4)
      tzinfo (~> 1.1)
    addressable (2.3.7)
    dalli (2.7.2)
    dotenv (1.0.2)
    faraday (0.9.1)
      multipart-post (>= 1.2, < 3)
    foreman (0.77.0)
      dotenv (~> 1.0.2)
      thor (~> 0.19.1)
    i18n (0.7.0)
    json (1.8.2)
    minitest (5.5.1)
    multipart-post (2.0.0)
    octokit (3.8.0)
      sawyer (~> 0.6.0, >= 0.5.3)
    problem_child (1.1.0)
      activesupport (~> 4.2)
      dalli (~> 2.7)
      dotenv (~> 1.0)
      octokit (~> 3.7)
      rack (= 1.5.2)
      rack-ssl-enforcer (~> 0.2)
      sinatra (~> 1.4)
      sinatra_auth_github (~> 1.0)
    rack (1.5.2)
    rack-protection (1.5.3)
      rack
    rack-ssl-enforcer (0.2.8)
    sawyer (0.6.0)
      addressable (~> 2.3.5)
      faraday (~> 0.8, < 0.10)
    sinatra (1.4.5)
      rack (~> 1.4)
      rack-protection (~> 1.4)
      tilt (~> 1.3, >= 1.3.4)
    sinatra_auth_github (1.2.0)
      sinatra (~> 1.0)
      warden-github (~> 1.2.0)
    thor (0.19.1)
    thread_safe (0.3.4)
    tilt (1.4.1)
    tzinfo (1.2.2)
      thread_safe (~> 0.1)
    warden (1.2.3)
      rack (>= 1.0)
    warden-github (1.2.0)
      activesupport (> 3.0)
      octokit (> 2.1.0)
      warden (> 1.0)

PLATFORMS
  ruby

DEPENDENCIES
  foreman
  problem_child
