GEM
  remote: https://rubygems.org/
  specs:
    activesupport (4.2.4)
      i18n (~> 0.7)
      json (~> 1.7, >= 1.7.7)
      minitest (~> 5.1)
      thread_safe (~> 0.3, >= 0.3.4)
      tzinfo (~> 1.1)
    addressable (2.3.8)
    charlock_holmes (0.7.3)
    crass (1.0.2)
    dotenv (1.0.2)
    escape_utils (1.1.0)
    faraday (0.9.2)
      multipart-post (>= 1.2, < 3)
    foreman (0.78.0)
      thor (~> 0.19.1)
    gemoji (2.1.0)
    github-linguist (4.6.4)
      charlock_holmes (~> 0.7.3)
      escape_utils (~> 1.1.0)
      mime-types (>= 1.19)
      rugged (>= 0.23.0b)
    github-markdown (0.6.9)
    html-pipeline (2.2.1)
      activesupport (>= 2, < 5)
      nokogiri (>= 1.4)
    i18n (0.7.0)
    json (1.8.3)
    mime-types (2.6.2)
    mini_portile2 (2.4.0)
    minitest (5.8.1)
    moneta (0.8.0)
    multipart-post (2.0.0)
    nokogiri (1.9.1)
      mini_portile2 (~> 2.4.0)
    nokogumbo (1.4.1)
      nokogiri
    octokit (3.8.0)
      sawyer (~> 0.6.0, >= 0.5.3)
    problem_child (2.0.0)
      activesupport (~> 4.2)
      dotenv (~> 1.0)
      moneta (~> 0.8)
      octokit (~> 3.7)
      rack (= 1.5.2)
      rack-ssl-enforcer (~> 0.2)
      redis (~> 3.2)
      sinatra (~> 1.4)
      sinatra_auth_github (~> 1.0)
    rack (1.5.2)
    rack-protection (1.5.3)
      rack
    rack-ssl-enforcer (0.2.9)
    redis (3.2.1)
    rinku (1.7.3)
    rugged (0.24.0b0)
    sanitize (4.0.0)
      crass (~> 1.0.2)
      nokogiri (>= 1.4.4)
      nokogumbo (= 1.4.1)
    sawyer (0.6.0)
      addressable (~> 2.3.5)
      faraday (~> 0.8, < 0.10)
    sinatra (1.4.6)
      rack (~> 1.4)
      rack-protection (~> 1.4)
      tilt (>= 1.3, < 3)
    sinatra_auth_github (1.2.0)
      sinatra (~> 1.0)
      warden-github (~> 1.2.0)
    thor (0.19.1)
    thread_safe (0.3.5)
    tilt (2.0.1)
    tzinfo (1.2.2)
      thread_safe (~> 0.1)
    warden (1.2.3)
      rack (>= 1.0)
    warden-github (1.2.0)
      activesupport (> 3.0)
      octokit (> 2.1.0)
      warden (> 1.0)

PLATFORMS
  ruby

DEPENDENCIES
  foreman
  gemoji
  github-linguist
  github-markdown
  html-pipeline
  problem_child
  rinku
  sanitize

BUNDLED WITH
   1.10.6
